PATH
  remote: .
  specs:
    rb-scheme (0.3.5)

GEM
  remote: https://rubygems.org/
  specs:
    minitest (5.10.1)
    rake (10.4.2)

PLATFORMS
  ruby

DEPENDENCIES
  bundler (>= 1.11)
  minitest (~> 5.10)
  rake (>= 10)
  rb-scheme!

BUNDLED WITH
   1.13.6
